GEM
  remote: https://rubygems.org/
  specs:
    benchmark (0.1.1)
    bigdecimal (3.0.2)
    cgi (0.2.0)
    connection_pool (2.2.5)
    csv (3.2.0)
    date (3.1.1)
    delegate (0.2.0)
    did_you_mean (1.5.0)
    digest (3.0.0)
    etc (1.2.0)
    fcntl (1.0.0)
    ffi (1.15.3)
    fiddle (1.0.9)
    fileutils (1.5.0)
    forwardable (1.3.2)
    gdbm (2.1.0)
    getoptlong (0.1.1)
    google-protobuf (3.17.3)
    googleapis-common-protos-types (1.1.0)
      google-protobuf (~> 3.14)
    grpc (1.38.0)
      google-protobuf (~> 3.15)
      googleapis-common-protos-types (~> 1.0)
    grpc-tools (1.38.0)
    io-console (0.5.9)
    io-wait (0.1.0)
    ipaddr (1.2.2)
    irb (1.3.7)
      reline (>= 0.2.7)
    json (2.5.1)
    logger (1.4.3)
    matrix (0.4.2)
    minitest (5.14.4)
    molinillo (0.8.0)
    mutex_m (0.1.1)
    net-http-persistent (4.0.1)
      connection_pool (~> 2.2)
    net-pop (0.1.1)
      digest
      net-protocol
      timeout
    net-protocol (0.1.1)
      io-wait
      timeout
    net-smtp (0.2.1)
      net-protocol
    net-telnet (0.2.0)
    observer (0.1.1)
    open3 (0.1.1)
    openssl (2.2.0)
    ostruct (0.4.0)
    power_assert (2.0.0)
    prime (0.1.2)
      forwardable
      singleton
    pstore (0.1.1)
    psych (4.0.1)
    racc (1.5.2)
    rake (13.0.6)
    rb-fsevent (0.11.0)
    rb-inotify (0.10.1)
      ffi (~> 1.0)
    rdoc (6.3.2)
    readline (0.0.2)
      reline
    readline-ext (0.1.2)
    reline (0.2.7)
      io-console (~> 0.5)
    rexml (3.2.5)
    rss (0.2.9)
      rexml
    ruby-protocol-buffers (1.6.1)
    ruby_protobuf (0.4.11)
    sass (3.7.4)
      sass-listen (~> 4.0.0)
    sass-listen (4.0.0)
      rb-fsevent (~> 0.9, >= 0.9.4)
      rb-inotify (~> 0.9, >= 0.9.7)
    sdbm (1.0.0)
    singleton (0.1.1)
    stringio (3.0.0)
    strscan (3.0.0)
    test-unit (3.4.4)
      power_assert
    thor (1.1.0)
    timeout (0.1.1)
    tracer (0.1.1)
    uri (0.10.1)
    webrick (1.7.0)
    xmlrpc (0.3.2)
      webrick
    yaml (0.1.1)
    zlib (1.1.0)

PLATFORMS
  ruby

DEPENDENCIES
  benchmark
  bigdecimal
  bundler
  cgi
  csv
  date
  delegate
  did_you_mean
  etc
  fcntl
  fiddle
  fileutils
  forwardable
  gdbm
  getoptlong
  google-protobuf
  googleapis-common-protos-types
  grpc
  grpc-tools
  io-console
  ipaddr
  irb
  json
  logger
  matrix
  minitest
  molinillo
  mutex_m
  net-http-persistent
  net-pop
  net-smtp
  net-telnet
  observer
  open3
  openssl
  ostruct
  power_assert
  prime
  pstore
  psych
  racc
  rake
  rdoc
  readline
  readline-ext
  reline
  rexml
  rss
  ruby-protocol-buffers
  ruby_protobuf
  sass
  sdbm
  singleton
  stringio
  strscan
  test-unit
  thor
  timeout
  tracer
  uri
  webrick
  xmlrpc
  yaml
  zlib

BUNDLED WITH
   2.1.2
